PATH
  remote: .
  specs:
    blue_bell_final (0.1.0)
      nokogiri

GEM
  remote: https://rubygems.org/
  specs:
    coderay (1.1.3)
    method_source (1.0.0)
    mini_portile2 (2.5.1)
    nokogiri (1.11.5)
      mini_portile2 (~> 2.5.0)
      racc (~> 1.4)
    pry (0.13.1)
      coderay (~> 1.1)
      method_source (~> 1.0)
    racc (1.5.2)
    rake (10.5.0)

PLATFORMS
  ruby

DEPENDENCIES
  blue_bell_final!
  bundler (~> 2.0)
  pry
  rake (~> 10.0)

BUNDLED WITH
   2.0.1
